GEM
  remote: https://rubygems.org/
  specs:
    date (3.3.4)
    time (0.3.0)
      date

PLATFORMS
  x86_64-linux

DEPENDENCIES
  time

BUNDLED WITH
   2.3.5
