GEM
  remote: https://rubygems.org/
  specs:
    bundle (0.0.1)
      bundler
    date (3.3.4)
    time (0.3.0)
      date

PLATFORMS
  x86_64-linux

DEPENDENCIES
  bundle
  time

BUNDLED WITH
   2.3.5
